PATH
  remote: .
  specs:
    gtd (0.0.1)
      gli
      rainbow

GEM
  remote: https://rubygems.org/
  specs:
    diff-lcs (1.3)
    docile (1.1.5)
    gli (2.16.0)
    json (2.1.0)
    rainbow (2.2.2)
      rake
    rake (12.0.0)
    rdoc (5.1.0)
    rspec (3.6.0)
      rspec-core (~> 3.6.0)
      rspec-expectations (~> 3.6.0)
      rspec-mocks (~> 3.6.0)
    rspec-core (3.6.0)
      rspec-support (~> 3.6.0)
    rspec-expectations (3.6.0)
      diff-lcs (>= 1.2.0, < 2.0)
      rspec-support (~> 3.6.0)
    rspec-mocks (3.6.0)
      diff-lcs (>= 1.2.0, < 2.0)
      rspec-support (~> 3.6.0)
    rspec-support (3.6.0)
    simplecov (0.14.1)
      docile (~> 1.1.0)
      json (>= 1.8, < 3)
      simplecov-html (~> 0.10.0)
    simplecov-html (0.10.1)

PLATFORMS
  ruby

DEPENDENCIES
  gtd!
  rake
  rdoc
  rspec
  simplecov

BUNDLED WITH
   1.14.6
