PATH
  remote: .
  specs:
    gtd (0.0.1)
      gli
      rainbow

GEM
  remote: https://rubygems.org/
  specs:
    diff-lcs (1.3)
    gli (2.16.0)
    rainbow (2.2.2)
      rake
    rake (12.0.0)
    rdoc (5.1.0)
    rspec (3.6.0)
      rspec-core (~> 3.6.0)
      rspec-expectations (~> 3.6.0)
      rspec-mocks (~> 3.6.0)
    rspec-core (3.6.0)
      rspec-support (~> 3.6.0)
    rspec-expectations (3.6.0)
      diff-lcs (>= 1.2.0, < 2.0)
      rspec-support (~> 3.6.0)
    rspec-mocks (3.6.0)
      diff-lcs (>= 1.2.0, < 2.0)
      rspec-support (~> 3.6.0)
    rspec-support (3.6.0)

PLATFORMS
  ruby

DEPENDENCIES
  gtd!
  rake
  rdoc
  rspec

BUNDLED WITH
   1.14.6
